GEM
  remote: http://rubygems.org/
  specs:
    activemodel (3.2.16)
      activesupport (= 3.2.16)
      builder (~> 3.0.0)
    activesupport (3.2.16)
      i18n (~> 0.6, >= 0.6.4)
      multi_json (~> 1.0)
    apetag (1.1.5)
      cicphash (>= 1.0.0)
    backports (3.4.0)
    bson (1.7.0)
    bson_ext (1.7.0)
      bson (~> 1.7.0)
    builder (3.0.4)
    cicphash (1.1.0)
    daemons (1.1.9)
    domain_name (0.5.15)
      unf (>= 0.0.5, < 1.0.0)
    eventmachine (1.0.3)
    flacinfo-rb (0.4)
    http-cookie (1.0.2)
      domain_name (~> 0.5)
    i18n (0.6.9)
    iconv (1.0.4)
    kgio (2.8.1)
    mecab-ruby (0.97)
    mechanize (2.7.3)
      domain_name (~> 0.5, >= 0.5.1)
      http-cookie (~> 1.0)
      mime-types (~> 2.0)
      net-http-digest_auth (~> 1.1, >= 1.1.1)
      net-http-persistent (~> 2.5, >= 2.5.2)
      nokogiri (~> 1.4)
      ntlm-http (~> 0.1, >= 0.1.1)
      webrobots (>= 0.0.9, < 0.2)
    mime-types (2.0)
    mini_portile (0.5.2)
    mongo (1.7.0)
      bson (~> 1.7.0)
    mongoid (2.3.0)
      activemodel (~> 3.1)
      mongo (~> 1.4)
      tzinfo (~> 0.3.22)
    moumar-wmainfo-rb (0.8)
    mp4info (1.7.3)
    multi_json (1.8.2)
    net-http-digest_auth (1.4)
    net-http-persistent (2.9)
    nokogiri (1.6.1)
      mini_portile (~> 0.5.0)
    ntlm-http (0.1.1)
    puma (2.7.1)
      rack (>= 1.1, < 2.0)
    rack (1.4.1)
    rack-protection (1.5.1)
      rack
    rack-test (0.6.2)
      rack (>= 1.0)
    raindrops (0.12.0)
    ruby-audioinfo (0.4)
      apetag (>= 1.1.4)
      flacinfo-rb (>= 0.4)
      moumar-wmainfo-rb (>= 0.7)
      mp4info (>= 1.7.3)
      ruby-mp3info (>= 0.8)
      ruby-ogginfo (>= 0.7)
    ruby-mp3info (0.8.2)
    ruby-ogginfo (0.7.2)
    sinatra (1.3.1)
      rack (~> 1.3, >= 1.3.4)
      rack-protection (~> 1.1, >= 1.1.2)
      tilt (~> 1.3, >= 1.3.3)
    sinatra-contrib (1.3.2)
      backports (>= 2.0)
      eventmachine
      rack-protection
      rack-test
      sinatra (~> 1.3.0)
      tilt (~> 1.3)
    sinatra-reloader (1.0)
      sinatra-contrib
    sinatra-xsendfile (0.4.1)
      sinatra (>= 0.9.1)
    streamio-ffmpeg (1.0.0)
    taglib-ruby (0.6.0)
    taglib2 (0.1.5)
    thin (1.6.1)
      daemons (>= 1.0.9)
      eventmachine (>= 1.0.0)
      rack (>= 1.0.0)
    tilt (1.4.1)
    tzinfo (0.3.38)
    unf (0.1.3)
      unf_ext
    unf_ext (0.0.6)
    unicorn (4.7.0)
      kgio (~> 2.6)
      rack
      raindrops (~> 0.7)
    webrobots (0.1.1)

PLATFORMS
  ruby

DEPENDENCIES
  bson (= 1.7.0)
  bson_ext (= 1.7.0)
  i18n (= 0.6.9)
  iconv
  mecab-ruby
  mechanize
  mongo (= 1.7.0)
  mongoid (= 2.3.0)
  puma
  rack (= 1.4.1)
  ruby-audioinfo
  ruby-mp3info
  sinatra (= 1.3.1)
  sinatra-reloader
  sinatra-xsendfile
  streamio-ffmpeg
  taglib-ruby
  taglib2
  thin
  tilt (= 1.4.1)
  unicorn
